GIT
  remote: https://github.com/freerange/free_agent.git
  revision: 57e767cbdc715029617f2faa6d5496c1abbb7a22
  specs:
    free_agent (0.1.0)
      activesupport
      crack
      hashie
      rest-client

GEM
  remote: http://rubygems.org/
  specs:
    activesupport (3.2.3)
      i18n (~> 0.6)
      multi_json (~> 1.0)
    capistrano (2.9.0)
      highline
      net-scp (>= 1.0.0)
      net-sftp (>= 2.0.0)
      net-ssh (>= 2.0.14)
      net-ssh-gateway (>= 1.1.0)
    chronic (0.6.7)
    crack (0.3.1)
    hashie (1.2.0)
    highline (1.6.12)
    i18n (0.6.0)
    mime-types (1.18)
    multi_json (1.3.4)
    net-scp (1.0.4)
      net-ssh (>= 1.99.1)
    net-sftp (2.0.5)
      net-ssh (>= 2.0.9)
    net-ssh (2.3.0)
    net-ssh-gateway (1.1.0)
      net-ssh (>= 1.99.1)
    open4 (1.3.0)
    recap (1.0.2)
      capistrano (~> 2.9.0)
      open4
      thor
    rest-client (1.6.7)
      mime-types (>= 1.16)
    thor (0.15.2)
    whenever (0.7.3)
      activesupport (>= 2.3.4)
      chronic (~> 0.6.3)

PLATFORMS
  ruby

DEPENDENCIES
  free_agent!
  recap (~> 1.0.0)
  whenever
